GIT
  remote: git://github.com/bufferapp/buffer-ruby.git
  revision: 10edfe62d4d90b34e19f4356d797580cefdf0720
  specs:
    buffer (0.1.2)
      addressable
      environs
      faraday
      faraday_middleware
      hashie
      multi_json
      rake
      yajl-ruby

GIT
  remote: https://github.com/happybearsoftware/hbs-content.git
  revision: 4e91a2dec2bb5330dccc465bb7d4733407d7fbd1
  specs:
    hbs-content (0.12.0)
      contentful (= 0.9.0)

GEM
  remote: https://rubygems.org/
  specs:
    addressable (2.5.2)
      public_suffix (>= 2.0.2, < 4.0)
    ast (2.4.0)
    contentful (0.9.0)
      http (~> 0.8)
      multi_json (~> 1)
    diff-lcs (1.3)
    domain_name (0.5.20180417)
      unf (>= 0.0.5, < 1.0.0)
    dotenv (2.5.0)
    environs (1.1.0)
    faraday (0.15.2)
      multipart-post (>= 1.2, < 3)
    faraday_middleware (0.12.2)
      faraday (>= 0.7.4, < 1.0)
    hashie (3.6.0)
    http (0.9.9)
      addressable (~> 2.3)
      http-cookie (~> 1.0)
      http-form_data (~> 1.0.1)
      http_parser.rb (~> 0.6.0)
    http-cookie (1.0.3)
      domain_name (~> 0.5)
    http-form_data (1.0.3)
    http_parser.rb (0.6.0)
    multi_json (1.13.1)
    multipart-post (2.0.0)
    parallel (1.12.1)
    parser (2.5.1.2)
      ast (~> 2.4.0)
    powerpack (0.1.2)
    public_suffix (3.0.3)
    rainbow (2.2.2)
      rake
    rake (12.3.1)
    rspec (3.8.0)
      rspec-core (~> 3.8.0)
      rspec-expectations (~> 3.8.0)
      rspec-mocks (~> 3.8.0)
    rspec-core (3.8.0)
      rspec-support (~> 3.8.0)
    rspec-expectations (3.8.1)
      diff-lcs (>= 1.2.0, < 2.0)
      rspec-support (~> 3.8.0)
    rspec-mocks (3.8.0)
      diff-lcs (>= 1.2.0, < 2.0)
      rspec-support (~> 3.8.0)
    rspec-support (3.8.0)
    rubocop (0.49.1)
      parallel (~> 1.10)
      parser (>= 2.3.3.1, < 3.0)
      powerpack (~> 0.1)
      rainbow (>= 1.99.1, < 3.0)
      ruby-progressbar (~> 1.7)
      unicode-display_width (~> 1.0, >= 1.0.1)
    ruby-progressbar (1.10.0)
    unf (0.1.4)
      unf_ext
    unf_ext (0.0.7.5)
    unicode-display_width (1.4.0)
    yajl-ruby (1.4.1)

PLATFORMS
  ruby

DEPENDENCIES
  buffer!
  contentful
  dotenv
  hbs-content (= 0.12.0)!
  rspec
  rubocop (~> 0.49.1)

BUNDLED WITH
   1.16.2
